PATH
  remote: .
  specs:
    politree (0.2.0)
      rgl
      rhcl
      thor

GEM
  remote: https://rubygems.org/
  specs:
    deep_merge (1.2.1)
    diff-lcs (1.3)
    lazy_priority_queue (0.1.1)
    rake (10.5.0)
    rgl (0.5.3)
      lazy_priority_queue (~> 0.1.0)
      stream (~> 0.5.0)
    rhcl (0.1.0)
      deep_merge
    rspec (3.7.0)
      rspec-core (~> 3.7.0)
      rspec-expectations (~> 3.7.0)
      rspec-mocks (~> 3.7.0)
    rspec-core (3.7.1)
      rspec-support (~> 3.7.0)
    rspec-expectations (3.7.0)
      diff-lcs (>= 1.2.0, < 2.0)
      rspec-support (~> 3.7.0)
    rspec-mocks (3.7.0)
      diff-lcs (>= 1.2.0, < 2.0)
      rspec-support (~> 3.7.0)
    rspec-support (3.7.1)
    stream (0.5)
    thor (0.20.0)

PLATFORMS
  ruby

DEPENDENCIES
  bundler (~> 1.16)
  politree!
  rake (~> 10.0)
  rspec (~> 3.0)

BUNDLED WITH
   1.16.2
